GIT
  remote: git://gist.github.com/4194390.git
  revision: 6f2a54b654f47b18605126c56219057d21f4f5e1
  specs:
    pathology-rake (0.2.0)

GIT
  remote: git://github.com/collin/html_package.git
  revision: 2d94d506a91a9f2b0dbe461882288796c28599c7
  branch: master
  specs:
    html_package (0.0.7)
      colored (>= 1.2)
      nokogiri (~> 1.5.2)
      thor (>= 0.14)

GIT
  remote: https://github.com/livingsocial/rake-pipeline.git
  revision: 65b1e744defa208e313703d89f3453447cc103b2
  specs:
    rake-pipeline (0.8.0)
      json
      rake (~> 10.0.0)
      thor

GIT
  remote: https://github.com/wycats/rake-pipeline-web-filters.git
  revision: fd8d838491bd6b8de0bab72d90115b9a4f2da8a1
  specs:
    rake-pipeline-web-filters (0.6.0)
      rack
      rake-pipeline (~> 0.6)

GEM
  remote: https://rubygems.org/
  specs:
    addressable (2.3.3)
    celluloid (0.12.4)
      facter (>= 1.6.12)
      timers (>= 1.0.0)
    celluloid-io (0.12.1)
      celluloid (~> 0.12.0)
      nio4r (>= 0.4.0)
    certified (0.1.1)
    coffee-script (2.2.0)
      coffee-script-source
      execjs
    coffee-script-source (1.6.1)
    color (1.4.1)
    colored (1.2)
    execjs (1.4.0)
      multi_json (~> 1.0)
    facter (1.6.17)
    faraday (0.7.6)
      addressable (~> 2.2)
      multipart-post (~> 1.1)
      rack (~> 1.1)
    github_api (0.4.11)
      faraday (~> 0.7.6)
      hashie (~> 1.2.0)
      multi_json (~> 1.3)
      nokogiri (~> 1.5.2)
      oauth2 (~> 0.5.2)
    github_uploader (0.1.0)
      github_api (= 0.4.11)
      rest-client
    hashie (1.2.0)
    http (0.4.0)
      certified
      http_parser.rb
    http_parser.rb (0.5.3)
    json (1.7.7)
    listen (0.7.3)
    mime-types (1.21)
    multi_json (1.6.1)
    multipart-post (1.2.0)
    nio4r (0.4.3)
    nokogiri (1.5.6)
    oauth2 (0.5.2)
      faraday (~> 0.7)
      multi_json (~> 1.0)
    rack (1.5.2)
    rake (10.0.3)
    rb-fsevent (0.9.3)
    reel (0.3.0)
      celluloid-io (>= 0.8.0)
      http (>= 0.2.0)
      http_parser.rb (>= 0.5.3)
      rack (>= 1.4.0)
      websocket_parser (>= 0.1.0)
    rest-client (1.6.7)
      mime-types (>= 1.16)
    thor (0.17.0)
    tilt (1.3.4)
    timers (1.1.0)
    uglifier (1.0.4)
      execjs (>= 0.3.0)
      multi_json (>= 1.0.2)
    watchr (0.7)
    websocket_parser (0.1.2)
      http

PLATFORMS
  ruby

DEPENDENCIES
  celluloid
  coffee-script
  color
  colored
  github_uploader (~> 0.1.0)
  html_package!
  listen
  pathology-rake!
  rake
  rake-pipeline!
  rake-pipeline-web-filters!
  rb-fsevent (~> 0.9.1)
  reel
  tilt
  uglifier (~> 1.0.3)
  watchr
